PATH
  remote: .
  specs:
    minitest-metadata (0.4.0)
      minitest (~> 5)

GEM
  remote: https://rubygems.org/
  specs:
    minitest (5.3.1)
    rake (0.9.2.2)

PLATFORMS
  ruby

DEPENDENCIES
  minitest-metadata!
  rake
